GEM
  remote: https://rubygems.org/
  specs:
    awesome_print (1.9.2)
    bigdecimal (3.1.8)
    byebug (11.1.3)
    csv (3.3.0)
    filewatcher (2.1.0)
      module_methods (~> 0.1.0)
    httparty (0.22.0)
      csv
      mini_mime (>= 1.0.0)
      multi_xml (>= 0.5.2)
    mini_mime (1.1.5)
    module_methods (0.1.0)
    multi_xml (0.7.1)
      bigdecimal (~> 3.1)

PLATFORMS
  ruby

DEPENDENCIES
  awesome_print
  byebug
  filewatcher
  httparty

BUNDLED WITH
   2.3.21
